PATH
  remote: .
  specs:
    crusty_model (0.0.1)
      thor (= 0.19.1)

GEM
  remote: https://rubygems.org/
  specs:
    thor (0.19.1)

PLATFORMS
  ruby

DEPENDENCIES
  crusty_model!
